PATH
  remote: .
  specs:
    wukong-migrate (0.0.1)
      gorillib (~> 0.5)
      httparty (~> 0.11)
      rake (>= 0.8.7)
      wukong-deploy (>= 0.1.1)

GEM
  remote: https://rubygems.org/
  specs:
    configliere (0.4.18)
      highline (>= 1.5.2)
      multi_json (>= 1.1)
    diff-lcs (1.2.4)
    diffy (3.0.1)
    erubis (2.7.0)
    eventmachine (1.0.3)
    forgery (0.5.0)
    gorillib (0.5.0)
      configliere (>= 0.4.13)
      json
      multi_json (>= 1.1)
    highline (1.6.19)
    httparty (0.11.0)
      multi_json (~> 1.0)
      multi_xml (>= 0.5.2)
    json (1.8.0)
    log4r (1.1.10)
    multi_json (1.7.7)
    multi_xml (0.5.4)
    rake (0.9.6)
    rspec (2.14.1)
      rspec-core (~> 2.14.0)
      rspec-expectations (~> 2.14.0)
      rspec-mocks (~> 2.14.0)
    rspec-core (2.14.4)
    rspec-expectations (2.14.0)
      diff-lcs (>= 1.1.3, < 2.0)
    rspec-mocks (2.14.1)
    uuidtools (2.1.4)
    vayacondios-client (0.2.6)
      configliere (>= 0.4.16)
      gorillib (>= 0.4.2)
      multi_json (>= 1.3.6)
    wukong (3.0.1)
      configliere (>= 0.4.18)
      eventmachine
      forgery
      gorillib (>= 0.4.2)
      log4r
      multi_json (>= 1.3.6)
      uuidtools
      vayacondios-client (>= 0.1.2)
    wukong-deploy (0.1.1)
      diffy
      erubis
      rake (~> 0.9)
      wukong (= 3.0.1)

PLATFORMS
  ruby

DEPENDENCIES
  rspec (~> 2)
  wukong-migrate!
